GEM
  remote: https://rubygems.org/
  specs:
    awesome_print (1.6.1)
    chef (11.10.4)
      chef-zero (~> 1.7, >= 1.7.2)
      diff-lcs (~> 1.2, >= 1.2.4)
      erubis (~> 2.7)
      highline (~> 1.6, >= 1.6.9)
      mime-types (~> 1.16)
      mixlib-authentication (~> 1.3)
      mixlib-cli (~> 1.4)
      mixlib-config (~> 2.0)
      mixlib-log (~> 1.3)
      mixlib-shellout (~> 1.3)
      net-ssh (~> 2.6)
      net-ssh-multi (~> 1.1)
      ohai (~> 6.0)
      pry (~> 0.9)
      puma (~> 1.6)
      rest-client (>= 1.0.4, < 1.7.0)
      yajl-ruby (~> 1.1)
    chef-zero (1.7.2)
      hashie (~> 2.0)
      json
      mixlib-log (~> 1.3)
      moneta (< 0.7.0)
      rack
    coderay (1.1.1)
    cucumber-core (1.4.0)
      gherkin (~> 3.2.0)
    diff-lcs (1.2.5)
    erubis (2.7.0)
    foodcritic (6.2.0)
      cucumber-core (>= 1.3)
      erubis
      nokogiri (>= 1.5, < 2.0)
      rake
      rufus-lru (~> 1.0)
      treetop (~> 1.4)
      yajl-ruby (~> 1.1)
    gherkin (3.2.0)
    hashie (2.1.2)
    highline (1.7.8)
    ipaddress (0.8.3)
    json (2.0.3)
    librarian (0.1.2)
      highline
      thor (~> 0.15)
    librarian-chef (0.0.4)
      chef (>= 0.10)
      librarian (~> 0.1.0)
      minitar (>= 0.5.2)
    method_source (0.8.2)
    mime-types (1.25.1)
    mini_portile2 (2.0.0)
    minitar (0.5.4)
    mixlib-authentication (1.4.0)
      mixlib-log
      rspec-core (~> 3.2)
      rspec-expectations (~> 3.2)
      rspec-mocks (~> 3.2)
    mixlib-cli (1.5.0)
    mixlib-config (2.2.1)
    mixlib-log (1.6.0)
    mixlib-shellout (1.6.1)
    moneta (0.6.0)
    net-ssh (2.9.4)
    net-ssh-gateway (1.2.0)
      net-ssh (>= 2.6.5)
    net-ssh-multi (1.2.1)
      net-ssh (>= 2.6.5)
      net-ssh-gateway (>= 1.2.0)
    nokogiri (1.6.7.2)
      mini_portile2 (~> 2.0.0.rc2)
    ohai (6.24.2)
      ipaddress
      mixlib-cli
      mixlib-config
      mixlib-log
      mixlib-shellout
      systemu (~> 2.5.2)
      yajl-ruby
    polyglot (0.3.5)
    pry (0.10.3)
      coderay (~> 1.1.0)
      method_source (~> 0.8.1)
      slop (~> 3.4)
    puma (1.6.3)
      rack (~> 1.2)
    rack (1.6.4)
    rake (11.1.2)
    rest-client (1.6.9)
      mime-types (~> 1.16)
    rspec-core (3.4.4)
      rspec-support (~> 3.4.0)
    rspec-expectations (3.4.0)
      diff-lcs (>= 1.2.0, < 2.0)
      rspec-support (~> 3.4.0)
    rspec-mocks (3.4.1)
      diff-lcs (>= 1.2.0, < 2.0)
      rspec-support (~> 3.4.0)
    rspec-support (3.4.1)
    rufus-lru (1.0.5)
    slop (3.6.0)
    soloist (1.0.3)
      awesome_print
      chef
      hashie (~> 2.0)
      librarian-chef
      net-ssh
      thor
    systemu (2.5.2)
    thor (0.19.1)
    treetop (1.6.5)
      polyglot (~> 0.3)
    yajl-ruby (1.2.1)

PLATFORMS
  ruby

DEPENDENCIES
  chef-zero (= 1.7.2)
  foodcritic
  soloist (= 1.0.3)

BUNDLED WITH
   1.14.3
